GEM
  remote: http://rubygems.org/
  specs:
    awesome_print (1.9.2)
    benchmark (0.3.0)
    byebug (11.1.3)
    coderay (1.1.3)
    method_source (1.1.0)
    pry (0.14.2)
      coderay (~> 1.1)
      method_source (~> 1.0)
    puts_debuggerer (1.0.0)
      awesome_print (~> 1.9.2)

PLATFORMS
  arm64-darwin-23

DEPENDENCIES
  benchmark (= 0.3.0)
  byebug (= 11.1.3)
  pry
  puts_debuggerer

RUBY VERSION
   ruby 3.3.3p89

BUNDLED WITH
   2.3.7
